GEM
  remote: https://rubygems.org/
  specs:
    dotenv (2.1.0)
    foreman (0.78.0)
      thor (~> 0.19.1)
    passenger (5.0.23)
      rack
      rake (>= 0.8.1)
    rack (1.6.4)
    rack-protection (1.5.3)
      rack
    rake (10.5.0)
    shotgun (0.9.1)
      rack (>= 1.0)
    sinatra (1.4.6)
      rack (~> 1.4)
      rack-protection (~> 1.4)
      tilt (>= 1.3, < 3)
    thor (0.19.1)
    tilt (2.0.2)

PLATFORMS
  ruby

DEPENDENCIES
  dotenv
  foreman
  passenger
  shotgun
  sinatra

BUNDLED WITH
   1.11.2
